PATH
  remote: .
  specs:
    godefer (0.2.0)

GEM
  remote: https://rubygems.org/
  specs:
    docile (1.3.2)
    minitest (5.14.2)
    rake (10.4.2)
    simplecov (0.20.0)
      docile (~> 1.1)
      simplecov-html (~> 0.11)
      simplecov_json_formatter (~> 0.1)
    simplecov-html (0.12.3)
    simplecov_json_formatter (0.1.2)

PLATFORMS
  ruby

DEPENDENCIES
  bundler (~> 2.1)
  godefer!
  minitest (~> 5.14)
  rake (~> 10.0)
  simplecov (~> 0.20)

BUNDLED WITH
   2.1.4
