PATH
  remote: .
  specs:
    godefer (0.2.0)

GEM
  remote: https://rubygems.org/
  specs:
    docile (1.3.2)
    json (2.3.1)
    minitest (5.14.2)
    rake (10.4.2)
    simplecov (0.17.1)
      docile (~> 1.1)
      json (>= 1.8, < 3)
      simplecov-html (~> 0.10.0)
    simplecov-html (0.10.2)

PLATFORMS
  ruby

DEPENDENCIES
  bundler (~> 2.1)
  godefer!
  minitest (~> 5.14)
  rake (~> 10.0)
  simplecov (< 0.18)

BUNDLED WITH
   2.1.4
